GIT
  remote: https://github.com/sorah/ruboty-fastly
  revision: 9eea0e97cbbfacd0bd798f8b7510106caa689bfc
  specs:
    ruboty-fastly (0.1.1)
      fastly
      ruboty

GIT
  remote: https://github.com/sorah/ruboty-fop
  revision: 80c5ef362f3361cec0ac94c5b47cb9ddbe5b9164
  specs:
    ruboty-fop (0.0.3)
      fop
      ruboty

GEM
  remote: https://rubygems.org/
  specs:
    activesupport (6.0.3.4)
      concurrent-ruby (~> 1.0, >= 1.0.2)
      i18n (>= 0.7, < 2)
      minitest (~> 5.1)
      tzinfo (~> 1.1)
      zeitwerk (~> 2.2, >= 2.2.2)
    chrono (0.4.0)
      activesupport
    concurrent-ruby (1.1.7)
    domain_name (0.5.20190701)
      unf (>= 0.0.5, < 1.0.0)
    dotenv (2.7.6)
    event_emitter (0.2.6)
    eventmachine (1.2.7)
    faraday (0.17.3)
      multipart-post (>= 1.2, < 3)
    faraday_middleware (0.10.1)
      faraday (>= 0.7.4, < 1.0)
    fastly (2.5.3)
    faye-websocket (0.10.9)
      eventmachine (>= 0.12.0)
      websocket-driver (>= 0.5.1)
    fop (0.1.1)
      nokogiri
    http-accept (1.7.0)
    http-cookie (1.0.3)
      domain_name (~> 0.5)
    i18n (1.8.5)
      concurrent-ruby (~> 1.0)
    jisx0402 (1.4.0)
      msgpack
    mem (0.1.5)
    mime-types (3.3.1)
      mime-types-data (~> 3.2015)
    mime-types-data (3.2020.1104)
    mini_portile2 (2.5.1)
    minitest (5.14.2)
    msgpack (1.3.3)
    multi_json (1.15.0)
    multipart-post (2.1.1)
    netrc (0.11.0)
    nokogiri (1.11.4)
      mini_portile2 (~> 2.5.0)
      racc (~> 1.4)
    racc (1.5.2)
    redis (4.2.5)
    redis-namespace (1.8.0)
      redis (>= 3.0.4)
    rest-client (2.1.0)
      http-accept (>= 1.7.0, < 2.0)
      http-cookie (>= 1.0.2, < 2.0)
      mime-types (>= 1.16, < 4.0)
      netrc (~> 0.8)
    ruboty (1.3.1)
      activesupport
      bundler
      dotenv
      mem
      slop
    ruboty-alias (0.0.8)
      ruboty (>= 1.1.1)
    ruboty-cron (1.1.0)
      activesupport
      chrono
      ruboty (>= 0.2.0)
    ruboty-delay (0.0.1)
      ruboty
    ruboty-echo (0.1.1)
      ruboty
    ruboty-google_image (0.1.1)
      faraday
      faraday_middleware
      ruboty
    ruboty-kujibiki (0.2.1)
      ruboty
    ruboty-lgtm (0.0.3)
      faraday
      faraday_middleware
      ruboty
    ruboty-rainfall_jp (1.4.0)
      ruboty
    ruboty-redis (0.0.6)
      redis
      redis-namespace
      ruboty
    ruboty-revision (1.0.0)
      ruboty
    ruboty-roll (0.1.0)
      ruboty
    ruboty-slack_rtm (3.2.1)
      faraday (~> 0.11)
      ruboty (>= 1.1.4)
      slack-api (~> 1.6)
      websocket-client-simple (~> 0.3.0)
    ruboty-tenkijp (0.2.0)
      tenkijp (= 0.2.0)
    ruboty-world_clock (0.1.0)
      activesupport
      ruboty
    slack-api (1.6.1)
      faraday (~> 0.11)
      faraday_middleware (~> 0.10.0)
      faye-websocket (~> 0.10.6)
      multi_json (~> 1.0, >= 1.0.3)
    slop (4.8.2)
    tenkijp (0.2.0)
      jisx0402
      rest-client
    thread_safe (0.3.6)
    tzinfo (1.2.8)
      thread_safe (~> 0.1)
    unf (0.1.4)
      unf_ext
    unf_ext (0.0.7.7)
    websocket (1.2.8)
    websocket-client-simple (0.3.0)
      event_emitter
      websocket
    websocket-driver (0.7.3)
      websocket-extensions (>= 0.1.0)
    websocket-extensions (0.1.5)
    zeitwerk (2.4.2)

PLATFORMS
  ruby

DEPENDENCIES
  ruboty
  ruboty-alias
  ruboty-cron
  ruboty-delay
  ruboty-echo
  ruboty-fastly!
  ruboty-fop!
  ruboty-google_image
  ruboty-kujibiki
  ruboty-lgtm
  ruboty-rainfall_jp
  ruboty-redis
  ruboty-revision
  ruboty-roll
  ruboty-slack_rtm
  ruboty-tenkijp
  ruboty-world_clock

BUNDLED WITH
   1.17.2
